GEM
  remote: https://rubygems.org/
  specs:
    mini_portile2 (2.8.1)
    sequel (5.63.0)
    sqlite3 (1.5.4)
      mini_portile2 (~> 2.8.0)

PLATFORMS
  x86_64-darwin-20

DEPENDENCIES
  sequel (~> 5.63.0)
  sqlite3 (~> 1.4)

BUNDLED WITH
   2.4.1
